GEM
  remote: https://rubygems.org/
  specs:
    ast (2.4.2)
    json (2.8.2)
    language_server-protocol (3.17.0.3)
    parallel (1.26.3)
    parser (3.3.6.0)
      ast (~> 2.4.1)
      racc
    peach (0.5.1)
    psych (5.2.0)
      stringio
    racc (1.8.1)
    rainbow (3.1.1)
    rake (13.2.1)
    regexp_parser (2.9.2)
    rubocop (1.68.0)
      json (~> 2.3)
      language_server-protocol (>= 3.17.0)
      parallel (~> 1.10)
      parser (>= 3.3.0.2)
      rainbow (>= 2.2.2, < 4.0)
      regexp_parser (>= 2.4, < 3.0)
      rubocop-ast (>= 1.32.2, < 2.0)
      ruby-progressbar (~> 1.7)
      unicode-display_width (>= 2.4.0, < 3.0)
    rubocop-ast (1.36.1)
      parser (>= 3.3.1.0)
    ruby-progressbar (1.13.0)
    stringio (3.1.2)
    unicode-display_width (2.6.0)
    yaml_normalizer (2.1.0)
      peach (~> 0.5)
      psych (~> 5.0)
      rake (< 14.0)

PLATFORMS
  ruby

DEPENDENCIES
  rake
  rubocop
  yaml_normalizer

BUNDLED WITH
   2.2.14
